PATH
  remote: .
  specs:
    ymir (0.1.0)

GEM
  remote: https://rubygems.org/
  specs:
    asciidoctor (1.5.6.1)
    asciidoctor-diagram (1.5.6)
      asciidoctor (~> 1.5.0)
    diff-lcs (1.3)
    rake (10.5.0)
    rspec (3.7.0)
      rspec-core (~> 3.7.0)
      rspec-expectations (~> 3.7.0)
      rspec-mocks (~> 3.7.0)
    rspec-core (3.7.0)
      rspec-support (~> 3.7.0)
    rspec-expectations (3.7.0)
      diff-lcs (>= 1.2.0, < 2.0)
      rspec-support (~> 3.7.0)
    rspec-mocks (3.7.0)
      diff-lcs (>= 1.2.0, < 2.0)
      rspec-support (~> 3.7.0)
    rspec-support (3.7.0)
    yard (0.9.12)

PLATFORMS
  ruby

DEPENDENCIES
  asciidoctor
  asciidoctor-diagram
  bundler (~> 1.16)
  rake (~> 10.0)
  rspec (~> 3.0)
  yard
  ymir!

BUNDLED WITH
   1.16.1
